GEM
  remote: https://rubygems.org/
  specs:
    activemodel (4.2.10)
      activesupport (= 4.2.10)
      builder (~> 3.1)
    activesupport (4.2.10)
      i18n (~> 0.7)
      minitest (~> 5.1)
      thread_safe (~> 0.3, >= 0.3.4)
      tzinfo (~> 1.1)
    awesome_print (1.8.0)
    bson (4.3.0)
    builder (3.2.3)
    coderay (1.1.1)
    concurrent-ruby (1.0.5)
    et-orbi (1.0.9)
      tzinfo
    i18n (0.9.5)
      concurrent-ruby (~> 1.0)
    java-properties (0.2.0)
    method_source (0.8.2)
    mini_portile2 (2.6.1)
    minitest (5.11.3)
    mongo (2.5.1)
      bson (>= 4.3.0, < 5.0.0)
    mongoid (5.0.2)
      activemodel (~> 4.0)
      mongo (~> 2.1)
      origin (~> 2.1)
      tzinfo (>= 0.3.37)
    nokogiri (1.12.5)
      mini_portile2 (~> 2.6.1)
      racc (~> 1.4)
    origin (2.3.1)
    pry (0.11.0.pre2)
      coderay (~> 1.1.0)
      method_source (~> 0.8.1)
    racc (1.5.2)
    rufus-scheduler (3.4.2)
      et-orbi (~> 1.0)
    thread_safe (0.3.6)
    tzinfo (1.2.5)
      thread_safe (~> 0.1)
    tzinfo-data (1.2018.3)
      tzinfo (>= 1.0.0)

PLATFORMS
  ruby

DEPENDENCIES
  awesome_print
  java-properties
  mongoid (~> 5.0.0)
  nokogiri
  pry (~> 0.11.0.pre2)
  rufus-scheduler
  tzinfo-data

BUNDLED WITH
   1.16.1
